PATH
  remote: .
  specs:
    has-bit-field (1.1.3)

GEM
  remote: http://rubygems.org/
  specs:
    activemodel (7.0.6)
      activesupport (= 7.0.6)
    activerecord (7.0.6)
      activemodel (= 7.0.6)
      activesupport (= 7.0.6)
    activesupport (7.0.6)
      concurrent-ruby (~> 1.0, >= 1.0.2)
      i18n (>= 1.6, < 2)
      minitest (>= 5.1)
      tzinfo (~> 2.0)
    concurrent-ruby (1.2.2)
    i18n (1.14.1)
      concurrent-ruby (~> 1.0)
    mini_portile2 (2.8.2)
    minitest (5.18.1)
    power_assert (2.0.3)
    rake (13.0.6)
    sqlite3 (1.6.3)
      mini_portile2 (~> 2.8.0)
    test-unit (3.6.1)
      power_assert
    tzinfo (2.0.6)
      concurrent-ruby (~> 1.0)

PLATFORMS
  ruby

DEPENDENCIES
  activerecord (~> 7.0)
  has-bit-field!
  rake
  sqlite3
  test-unit (~> 3.6)

BUNDLED WITH
   2.4.10
